PATH
  remote: .
  specs:
    quirc-rb (0.1.1)
      image_processing (~> 1.12, >= 1.12.1)

GEM
  remote: https://rubygems.org/
  specs:
    ffi (1.15.3)
    image_processing (1.12.1)
      mini_magick (>= 4.9.5, < 5)
      ruby-vips (>= 2.0.17, < 3)
    mini_magick (4.11.0)
    minitest (5.14.4)
    rake (13.0.3)
    rake-compiler (1.1.1)
      rake
    ruby-vips (2.1.2)
      ffi (~> 1.12)

PLATFORMS
  x86_64-darwin-20

DEPENDENCIES
  minitest (~> 5.0)
  quirc-rb!
  rake (~> 13.0)
  rake-compiler

BUNDLED WITH
   2.2.22
